PATH
  remote: .
  specs:
    ipstack-client (0.0.2)
      redis (>= 4.0.2)

GEM
  remote: https://rubygems.org/
  specs:
    redis (4.1.3)

PLATFORMS
  ruby

DEPENDENCIES
  ipstack-client!

BUNDLED WITH
   1.17.3
